GEM
  remote: http://rubygems.org/
  specs:
    Selenium (1.1.14)
    akephalos (0.2.5)
      capybara (~> 0.4.0)
      jruby-jars
    aruba (0.4.11)
      childprocess (>= 0.2.3)
      cucumber (>= 1.1.1)
      ffi (>= 1.0.11)
      rspec (>= 2.7.0)
    builder (3.0.0)
    capybara (0.4.1.2)
      celerity (>= 0.7.9)
      culerity (>= 0.2.4)
      mime-types (>= 1.16)
      nokogiri (>= 1.3.3)
      rack (>= 1.0.0)
      rack-test (>= 0.5.4)
      selenium-webdriver (>= 0.0.27)
      xpath (~> 0.1.3)
    celerity (0.9.2)
    childprocess (0.3.3)
      ffi (~> 1.0.6)
    cucumber (1.2.1)
      builder (>= 2.1.2)
      diff-lcs (>= 1.1.3)
      gherkin (~> 2.11.0)
      json (>= 1.4.6)
    culerity (0.2.15)
    diff-lcs (1.1.3)
    fakefs (0.4.0)
    fakeweb (1.3.0)
    ffi (1.0.11)
    gherkin (2.11.1)
      json (>= 1.4.6)
    jruby-jars (1.6.7.2)
    json (1.7.3)
    json_pure (1.7.3)
    mime-types (1.19)
    nokogiri (1.5.5)
    rack (1.4.1)
    rack-test (0.6.1)
      rack (>= 1.0)
    rake (0.8.7)
    rspec (2.10.0)
      rspec-core (~> 2.10.0)
      rspec-expectations (~> 2.10.0)
      rspec-mocks (~> 2.10.0)
    rspec-core (2.10.1)
    rspec-expectations (2.10.0)
      diff-lcs (~> 1.1.3)
    rspec-mocks (2.10.1)
    rubyzip (0.9.9)
    selenium-client (1.2.18)
    selenium-webdriver (0.2.0)
      childprocess (>= 0.1.7)
      ffi (>= 1.0.7)
      json_pure
      rubyzip
    xpath (0.1.4)
      nokogiri (~> 1.3)

PLATFORMS
  ruby

DEPENDENCIES
  Selenium (= 1.1.14)
  akephalos (= 0.2.5)
  aruba (~> 0.4.3)
  capybara (= 0.4.1.2)
  cucumber (= 1.2.1)
  fakefs (~> 0.4.0)
  fakeweb (~> 1.3)
  rake (= 0.8.7)
  rspec
  selenium-client (= 1.2.18)
  selenium-webdriver (= 0.2.0)
